GEM
  remote: https://rubygems.org/
  specs:
    kgio (2.11.4)
    rack (3.0.3)
    raindrops (0.20.0)
    unicorn (6.1.0)
      kgio (~> 2.6)
      raindrops (~> 0.7)

PLATFORMS
  ruby

DEPENDENCIES
  rack
  unicorn

BUNDLED WITH
   1.17.2
